GEM
  remote: https://rubygems.org/
  specs:
    curb (0.9.11)
    data_types (1.1.2)
    oj (3.11.0)
    rainbow (3.0.0)
    string-utility (3.0.1)

PLATFORMS
  ruby

DEPENDENCIES
  curb (~> 0.9)
  data_types (~> 1)
  oj (~> 3.11)
  rainbow (~> 3)
  string-utility (~> 3)

RUBY VERSION
   ruby 3.0.0p0

BUNDLED WITH
   2.2.3
