GEM
  remote: https://rubygems.org/
  specs:
    curb (0.9.10)
    data_types (1.1.2)
    oj (3.9.2)
    rainbow (3.0.0)
    string-utility (3.0.0)

PLATFORMS
  ruby

DEPENDENCIES
  curb (~> 0.9)
  data_types (~> 1)
  oj (~> 3.9)
  rainbow (~> 3)
  string-utility (~> 3)

RUBY VERSION
   ruby 2.6.5p114

BUNDLED WITH
   2.0.2
