GEM
  remote: https://rubygems.org/
  specs:
    curb (0.9.1)
    data_types (1.1.0)
    oj (2.15.0)
    rainbow (2.0.0)
    string-utility (2.5.0)

PLATFORMS
  ruby

DEPENDENCIES
  curb (~> 0.9.x)
  data_types (~> 1.x)
  oj (~> 2.x)
  rainbow (~> 2.x)
  string-utility (~> 2.5.x)

BUNDLED WITH
   1.11.2
