GEM
  remote: https://rubygems.org/
  specs:
    curb (0.9.10)
    data_types (1.1.2)
    oj (3.8.1)
    rainbow (3.0.0)
    string-utility (3.0.0)

PLATFORMS
  ruby

DEPENDENCIES
  curb (~> 0.9)
  data_types (~> 1)
  oj (~> 3.8)
  rainbow (~> 3)
  string-utility (~> 3)

RUBY VERSION
   ruby 2.6.3p62

BUNDLED WITH
   1.17.3
