GEM
  remote: https://rubygems.org/
  specs:
    curb (0.9.3)
    data_types (1.1.1)
    oj (2.18.1)
    rainbow (2.1.0)
    string-utility (3.0.0)

PLATFORMS
  ruby

DEPENDENCIES
  curb (~> 0.9)
  data_types (~> 1)
  oj (~> 2)
  rainbow (~> 2)
  string-utility (~> 3)

RUBY VERSION
   ruby 2.4.0p0

BUNDLED WITH
   1.14.4
