GEM
  remote: https://rubygems.org/
  specs:
    curb (0.9.3)
    data_types (1.1.1)
    oj (2.15.0)
    rainbow (2.1.0)
    string-utility (2.7.2)

PLATFORMS
  ruby

DEPENDENCIES
  curb (~> 0.9)
  data_types (~> 1)
  oj (~> 2)
  rainbow (~> 2)
  string-utility (~> 2)

BUNDLED WITH
   1.11.2
